GEM
  remote: https://rubygems.org/
  specs:
    plist (3.2.0)

PLATFORMS
  ruby

DEPENDENCIES
  plist (~> 3.2.0)

BUNDLED WITH
   1.13.6
