GEM
  remote: https://rubygems.org/
  specs:
    FlightXML2RESTDriver (0.1.6)
    activesupport (5.2.4.3)
      concurrent-ruby (~> 1.0, >= 1.0.2)
      i18n (>= 0.7, < 2)
      minitest (~> 5.1)
      tzinfo (~> 1.1)
    byebug (9.0.6)
    concurrent-ruby (1.1.6)
    domain_name (0.5.20170404)
      unf (>= 0.0.5, < 1.0.0)
    dotenv (2.2.1)
    http-cookie (1.0.3)
      domain_name (~> 0.5)
    i18n (1.8.2)
      concurrent-ruby (~> 1.0)
    mime-types (3.1)
      mime-types-data (~> 3.2015)
    mime-types-data (3.2016.0521)
    mini_portile2 (2.6.1)
    minitest (5.14.1)
    netrc (0.11.0)
    nokogiri (1.12.5)
      mini_portile2 (~> 2.6.1)
      racc (~> 1.4)
    plist (3.2.0)
    racc (1.5.2)
    rest-client (2.0.2)
      http-cookie (>= 1.0.2, < 2.0)
      mime-types (>= 1.16, < 4.0)
      netrc (~> 0.8)
    thread_safe (0.3.6)
    tzinfo (1.2.7)
      thread_safe (~> 0.1)
    unf (0.1.4)
      unf_ext
    unf_ext (0.0.7.4)

PLATFORMS
  ruby

DEPENDENCIES
  FlightXML2RESTDriver (~> 0.1.0)
  activesupport (~> 5.2.4)
  byebug (~> 9.0.0)
  dotenv (~> 2.2.0)
  nokogiri (~> 1.12.5)
  plist (~> 3.2.0)
  rest-client (~> 2.0.0)

BUNDLED WITH
   1.16.1
